GEM
  remote: http://rubygems.org/
  specs:
    acme-client (2.0.18)
      faraday (>= 1.0, < 3.0.0)
      faraday-retry (>= 1.0, < 3.0.0)
    faraday (2.10.0)
      faraday-net_http (>= 2.0, < 3.2)
      logger
    faraday-net_http (3.1.1)
      net-http
    faraday-retry (2.2.1)
      faraday (~> 2.0)
    logger (1.6.0)
    net-http (0.4.1)
      uri
    uri (0.13.0)

PLATFORMS
  ruby

DEPENDENCIES
  acme-client

BUNDLED WITH
   2.3.15
