GEM
  remote: http://rubygems.org/
  specs:
    activesupport (5.0.2)
      concurrent-ruby (~> 1.0, >= 1.0.2)
      i18n (~> 0.7)
      minitest (~> 5.1)
      tzinfo (~> 1.1)
    bindata (2.3.5)
    concurrent-ruby (1.0.5)
    i18n (0.8.1)
    json-jwt (1.7.1)
      activesupport
      bindata
      multi_json (>= 1.3)
      securecompare
      url_safe_base64
    minitest (5.10.1)
    multi_json (1.12.1)
    securecompare (1.0.0)
    thread_safe (0.3.6)
    tzinfo (1.2.3)
      thread_safe (~> 0.1)
    url_safe_base64 (0.2.2)

PLATFORMS
  ruby

DEPENDENCIES
  json-jwt

BUNDLED WITH
   1.14.6
